PATH
  remote: ./kbl
  specs:
    kbl (0.2.0)
      haml (~> 4.0.5)
      sqlite3 (~> 1.3.9)
      thor (~> 0.19.1)

GEM
  remote: https://rubygems.org/
  specs:
    haml (4.0.5)
      tilt
    sqlite3 (1.3.9)
    thor (0.19.1)
    tilt (2.0.1)

PLATFORMS
  ruby

DEPENDENCIES
  kbl!
