PATH
  remote: ./kbl
  specs:
    kbl (0.1.0)
      nokogiri (~> 1.6.1)
      sqlite3 (~> 1.3.9)
      thor (~> 0.19.1)

GEM
  remote: https://rubygems.org/
  specs:
    mini_portile (0.5.3)
    nokogiri (1.6.1)
      mini_portile (~> 0.5.0)
    sqlite3 (1.3.9)
    thor (0.19.1)

PLATFORMS
  ruby

DEPENDENCIES
  kbl!
