PATH
  remote: ./kbl
  specs:
    kbl (0.0.1)
      nokogiri (~> 1.6.1)

GEM
  remote: https://rubygems.org/
  specs:
    mini_portile (0.5.3)
    nokogiri (1.6.1)
      mini_portile (~> 0.5.0)

PLATFORMS
  ruby

DEPENDENCIES
  kbl!
